PATH
  remote: ./mruby-bindings
  specs:
    mruby-bindings (0.1.0)

GEM
  remote: https://rubygems.org/
  specs:
    rake (12.0.0)

PLATFORMS
  ruby

DEPENDENCIES
  mruby-bindings!
  rake

BUNDLED WITH
   1.13.7
